PATH
  remote: .
  specs:
    dock0 (0.0.1)

GEM
  remote: https://rubygems.org/
  specs:
    ast (1.1.0)
    hashr (0.0.22)
    json (1.8.1)
    parser (2.1.4)
      ast (~> 1.1)
      slop (~> 3.4, >= 3.4.5)
    powerpack (0.0.9)
    rainbow (1.99.2)
    rake (10.1.1)
    rubocop (0.17.0)
      json (~> 1.8)
      parser (~> 2.1.3)
      powerpack (~> 0.0.6)
      rainbow (~> 1.99.1)
    slop (3.4.7)
    travis-lint (1.7.0)
      hashr (~> 0.0.22)

PLATFORMS
  ruby

DEPENDENCIES
  dock0!
  rake
  rubocop
  travis-lint
